GEM
  remote: https://rubygems.org/
  specs:
    intercom (4.2.1)

PLATFORMS
  ruby

DEPENDENCIES
  intercom (~> 4.2.1)

RUBY VERSION
   ruby 2.6.5p114

BUNDLED WITH
   2.4.17
